RESTRICTION: == netstandard2.0
NUGET
  remote: https://api.nuget.org/v3/index.json
    JetBrains.Annotations (2018.3) - copy_local: true
    Microsoft.AspNetCore.Blazor (0.7)
      Microsoft.JSInterop (>= 0.7)
    Microsoft.AspNetCore.Blazor.Analyzers (0.7)
    Microsoft.AspNetCore.Blazor.Browser (0.7)
      Microsoft.AspNetCore.Blazor (>= 0.7)
      Microsoft.Extensions.DependencyInjection (>= 2.1)
      Mono.WebAssembly.Interop (>= 0.7)
    Microsoft.AspNetCore.Blazor.Build (0.7)
      Microsoft.AspNetCore.Blazor.Analyzers (>= 0.7)
      Microsoft.AspNetCore.Razor.Design (>= 2.1.2)
    Microsoft.AspNetCore.Razor.Design (2.2)
    Microsoft.CodeAnalysis.FxCopAnalyzers (2.6.3)
      Microsoft.CodeQuality.Analyzers (2.6.3)
      Microsoft.NetCore.Analyzers (2.6.3)
      Microsoft.NetFramework.Analyzers (2.6.3)
      Text.Analyzers (2.6.3)
    Microsoft.CodeQuality.Analyzers (2.6.3)
    Microsoft.Extensions.DependencyInjection (2.2)
      Microsoft.Extensions.DependencyInjection.Abstractions (>= 2.2)
    Microsoft.Extensions.DependencyInjection.Abstractions (2.2)
    Microsoft.JSInterop (0.7)
    Microsoft.NetCore.Analyzers (2.6.3)
    Microsoft.NetFramework.Analyzers (2.6.3)
    Mono.WebAssembly.Interop (0.7)
      Microsoft.JSInterop (>= 0.7)
    StyleCop.Analyzers (1.0.2)
    Text.Analyzers (2.6.3)
